GIT
  remote: git://github.com/pejuko/ruby-warrior.git
  revision: 7992ca282f3f13f89bcf59e27c39b77ca5762eb2
  branch: path
  specs:
    rubywarrior (0.1.2)

GEM
  remote: http://rubygems.org/
  specs:
    rspec (1.3.0)

PLATFORMS
  ruby

DEPENDENCIES
  rspec
  rubywarrior!
