GEM
  remote: http://rubygems.org/
  specs:
    rspec (1.3.0)
    rubywarrior (0.1.1)

PLATFORMS
  ruby

DEPENDENCIES
  rspec
  rubywarrior
